GEM
  remote: http://rubygems.org/
  specs:
    slop (3.2.0)

PLATFORMS
  ruby

DEPENDENCIES
  slop (~> 3.2.0)
