GEM
  remote: http://rubygems.org/
  specs:
    slop (3.0.4)

PLATFORMS
  ruby

DEPENDENCIES
  slop
